GEM
  remote: https://rubygems.org/
  specs:
    zeitwerk (2.6.13)

PLATFORMS
  arm64-darwin-22

DEPENDENCIES
  zeitwerk

BUNDLED WITH
   2.4.6
